GEM
  remote: https://rubygems.org/
  specs:
    awesome_print (1.8.0)
    binding_of_caller (0.8.0)
      debug_inspector (>= 0.0.1)
    byebug (11.0.1)
    coderay (1.1.2)
    debug_inspector (0.0.3)
    interception (0.5)
    json (2.3.0)
    method_source (0.9.2)
    pry (0.12.2)
      coderay (~> 1.1.0)
      method_source (~> 0.9.0)
    pry-auditlog (0.3.0)
      pry (~> 0.10)
    pry-byebug (3.7.0)
      byebug (~> 11.0)
      pry (~> 0.10)
    pry-rails (0.3.9)
      pry (>= 0.10.4)
    pry-rescue (1.5.0)
      interception (>= 0.5)
      pry (>= 0.12.0)
    pry-stack_explorer (0.4.9.3)
      binding_of_caller (>= 0.7)
      pry (>= 0.9.11)
    rb-readline (0.5.5)

PLATFORMS
  ruby

DEPENDENCIES
  awesome_print
  json
  pry
  pry-auditlog
  pry-byebug
  pry-rails
  pry-rescue
  pry-stack_explorer
  rb-readline

BUNDLED WITH
   1.17.2
